PATH
  remote: .
  specs:
    dav (1.1)

GEM
  remote: https://rubygems.org/
  specs:
    minitest (5.10.3)
    rake (13.0.1)

PLATFORMS
  ruby

DEPENDENCIES
  bundler (~> 1.16)
  dav!
  minitest (~> 5.0)
  rake (~> 13.0)

BUNDLED WITH
   1.16.3
